GEM
  remote: https://rubygems.org/
  specs:
    rack (2.1.4)
    spell_generator (0.1.1)
    sqlite3 (1.4.1)

PLATFORMS
  ruby

DEPENDENCIES
  rack (~> 2.1.4)
  spell_generator
  sqlite3

BUNDLED WITH
   1.17.1
