GEM
  remote: https://rubygems.org/
  specs:
    rack (2.1.4.1)
    spell_generator (0.1.1)

PLATFORMS
  ruby

DEPENDENCIES
  rack (~> 2.1.4)
  spell_generator

BUNDLED WITH
   1.16.2
